GEM
  remote: https://rubygems.org/
  specs:
    cane (2.6.2)
      parallel
    minitest (5.4.0)
    parallel (1.0.0)
    rainbow (2.0.0)
    rake (10.3.2)
    reek (1.3.8)
      rainbow (>= 1.99, < 3.0)
      ruby2ruby (>= 2.0.8, < 3.0)
      ruby_parser (~> 3.3)
      sexp_processor
    ruby2ruby (2.1.1)
      ruby_parser (~> 3.1)
      sexp_processor (~> 4.0)
    ruby_parser (3.6.1)
      sexp_processor (~> 4.1)
    sexp_processor (4.4.3)

PLATFORMS
  ruby

DEPENDENCIES
  cane
  minitest
  rake
  reek
